PATH
  remote: .
  specs:
    rtp (0.1.6)
      bindata (>= 2.4.10)
      semantic_logger

GEM
  remote: https://rubygems.org/
  specs:
    bindata (2.4.10)
    concurrent-ruby (1.1.9)
    diff-lcs (1.4.4)
    docile (1.4.0)
    log_switch (0.3.0)
    mini_portile2 (2.6.1)
    nokogiri (1.12.5)
      mini_portile2 (~> 2.6.1)
      racc (~> 1.4)
    nokogiri (1.12.5-java)
      racc (~> 1.4)
    racc (1.6.0)
    racc (1.6.0-java)
    rake (13.0.6)
    rspec (3.10.0)
      rspec-core (~> 3.10.0)
      rspec-expectations (~> 3.10.0)
      rspec-mocks (~> 3.10.0)
    rspec-core (3.10.1)
      rspec-support (~> 3.10.0)
    rspec-expectations (3.10.1)
      diff-lcs (>= 1.2.0, < 2.0)
      rspec-support (~> 3.10.0)
    rspec-mocks (3.10.2)
      diff-lcs (>= 1.2.0, < 2.0)
      rspec-support (~> 3.10.0)
    rspec-support (3.10.3)
    semantic_logger (4.8.2)
      concurrent-ruby (~> 1.0)
    simplecov (0.21.2)
      docile (~> 1.1)
      simplecov-html (~> 0.11)
      simplecov_json_formatter (~> 0.1)
    simplecov-html (0.12.3)
    simplecov_json_formatter (0.1.3)
    sync (0.5.0)
    tailor (1.4.1)
      log_switch (~> 0.3.0)
      nokogiri (>= 1.6.0)
      term-ansicolor (>= 1.0.5)
      text-table (>= 1.2.2)
    term-ansicolor (1.7.1)
      tins (~> 1.0)
    text-table (1.2.4)
    tins (1.29.1)
      sync
    webrick (1.7.0)
    yard (0.9.27)
      webrick (~> 1.7.0)

PLATFORMS
  java
  ruby

DEPENDENCIES
  bundler
  rake
  rspec (>= 3.10)
  rtp!
  simplecov
  tailor (>= 1.1.2)
  yard (>= 0.7.2)

BUNDLED WITH
   2.2.32
